STORAGE: NONE
RESTRICTION: == net50
NUGET
  remote: https://api.nuget.org/v3/index.json
    FSharp.Core (5.0)
    FSharp.Data (3.3.3)
      FSharp.Core (>= 4.3.4)
    MailKit (2.10.1)
      MimeKit (>= 2.10.1)
    Microsoft.NETCore.Platforms (5.0)
    Milekic.YoLo (2.2)
      FSharp.Core (>= 4.3.4)
    MimeKit (2.10.1)
      Portable.BouncyCastle (>= 1.8.8)
      System.Buffers (>= 4.5.1)
      System.Reflection.TypeExtensions (>= 4.4)
      System.Security.Cryptography.Pkcs (>= 4.7)
      System.Text.Encoding.CodePages (>= 4.4)
    Portable.BouncyCastle (1.8.9)
    System.Buffers (4.5.1)
    System.Formats.Asn1 (5.0)
    System.Reflection.TypeExtensions (4.7)
    System.Security.Cryptography.Cng (5.0)
      System.Formats.Asn1 (>= 5.0)
    System.Security.Cryptography.Pkcs (5.0.1)
      System.Formats.Asn1 (>= 5.0)
      System.Security.Cryptography.Cng (>= 5.0)
    System.Text.Encoding.CodePages (5.0)
      Microsoft.NETCore.Platforms (>= 5.0)
